GEM
  remote: http://rubygems.org/
  specs:
    nokogiri (1.5.5)
    raspell (1.3)
    sqlite3 (1.3.6)
    wolfram (0.1.2)
      nokogiri (>= 1.4.3)

PLATFORMS
  ruby

DEPENDENCIES
  raspell
  sqlite3
  wolfram
