GEM
  remote: http://rubygems.org/
  specs:
    logger (1.2.8)
    raspell (1.3)

PLATFORMS
  ruby

DEPENDENCIES
  logger
  raspell
