GEM
  remote: http://rubygems.org/
  specs:
    raspell (1.3)

PLATFORMS
  ruby

DEPENDENCIES
  raspell
