GEM
  remote: http://rubygems.org/
  specs:
    activesupport (3.2.7)
      i18n (~> 0.6)
      multi_json (~> 1.0)
    blather (0.8.0)
      activesupport (>= 2.3.11)
      eventmachine (>= 0.12.6)
      girl_friday
      niceogiri (~> 1.0)
      nokogiri (~> 1.5.5)
    connection_pool (0.1.0)
    eventmachine (0.12.10)
    girl_friday (0.9.7)
      connection_pool (~> 0.1.0)
    htmlentities (4.3.1)
    i18n (0.6.0)
    multi_json (1.3.6)
    niceogiri (1.0.2)
      nokogiri (~> 1.4)
    nokogiri (1.5.5)
    raspell (1.3)
    sqlite3 (1.3.6)
    wolfram (0.1.2)
      nokogiri (>= 1.4.3)

PLATFORMS
  ruby

DEPENDENCIES
  blather
  htmlentities
  raspell
  sqlite3
  wolfram
