GEM
  remote: http://rubygems.org/
  specs:
    google-search (1.0.3)
      json
    htmlentities (4.3.1)
    json (1.7.7)
    raspell (1.3)
    romegle (0.1.1)
    sqlite3 (1.3.7)
    time_ago_in_words (0.1.0)

PLATFORMS
  ruby

DEPENDENCIES
  google-search
  htmlentities
  json
  raspell
  romegle
  sqlite3
  time_ago_in_words
