GEM
  remote: http://rubygems.org/
  specs:
    htmlentities (4.3.1)
    json (1.7.4)
    time-ago-in-words (0.1.2)

PLATFORMS
  ruby

DEPENDENCIES
  htmlentities
  json
  time-ago-in-words
