GEM
  remote: http://rubygems.org/
  specs:
    htmlentities (4.3.1)
    json (1.7.4)
    mini_portile (0.5.1)
    nokogiri (1.6.0)
      mini_portile (~> 0.5.0)
    raspell (1.3)
    sqlite3 (1.3.8)
    time_ago_in_words (0.1.0)

PLATFORMS
  ruby

DEPENDENCIES
  htmlentities
  json
  nokogiri
  raspell
  sqlite3
  time_ago_in_words
